PATH
  remote: .
  specs:
    frenchbabies (0.1.0)
      configliere
      google-api-client
      mail

GEM
  remote: https://rubygems.org/
  specs:
    addressable (2.3.5)
    autoparse (0.3.3)
      addressable (>= 2.3.1)
      extlib (>= 0.9.15)
      multi_json (>= 1.0.0)
    builder (3.2.2)
    configliere (0.4.18)
      highline (>= 1.5.2)
      multi_json (>= 1.1)
    cucumber (1.3.10)
      builder (>= 2.1.2)
      diff-lcs (>= 1.1.3)
      gherkin (~> 2.12)
      multi_json (>= 1.7.5, < 2.0)
      multi_test (>= 0.0.2)
    diff-lcs (1.2.5)
    extlib (0.9.16)
    faraday (0.8.8)
      multipart-post (~> 1.2.0)
    gherkin (2.12.2)
      multi_json (~> 1.3)
    google-api-client (0.6.4)
      addressable (>= 2.3.2)
      autoparse (>= 0.3.3)
      extlib (>= 0.9.15)
      faraday (~> 0.8.4)
      jwt (>= 0.1.5)
      launchy (>= 2.1.1)
      multi_json (>= 1.0.0)
      signet (~> 0.4.5)
      uuidtools (>= 2.1.0)
    highline (1.6.20)
    jwt (0.1.8)
      multi_json (>= 1.5)
    launchy (2.4.2)
      addressable (~> 2.3)
    mail (2.5.4)
      mime-types (~> 1.16)
      treetop (~> 1.4.8)
    mime-types (1.25.1)
    multi_json (1.8.2)
    multi_test (0.0.2)
    multipart-post (1.2.0)
    polyglot (0.3.3)
    rake (10.1.0)
    rspec (2.14.1)
      rspec-core (~> 2.14.0)
      rspec-expectations (~> 2.14.0)
      rspec-mocks (~> 2.14.0)
    rspec-core (2.14.7)
    rspec-expectations (2.14.4)
      diff-lcs (>= 1.1.3, < 2.0)
    rspec-mocks (2.14.4)
    signet (0.4.5)
      addressable (>= 2.2.3)
      faraday (~> 0.8.1)
      jwt (>= 0.1.5)
      multi_json (>= 1.0.0)
    treetop (1.4.15)
      polyglot
      polyglot (>= 0.3.1)
    uuidtools (2.1.4)

PLATFORMS
  ruby

DEPENDENCIES
  bundler (~> 1.3)
  cucumber
  frenchbabies!
  rake
  rspec
